GEM
  remote: https://rubygems.org/
  specs:
    addressable (2.7.0)
      public_suffix (>= 2.0.2, < 5.0)
    concurrent-ruby (1.1.5)
    daemons (1.3.1)
    declarative (0.0.10)
    declarative-option (0.1.0)
    digest-crc (0.4.1)
    et-orbi (1.2.2)
      tzinfo
    eventmachine (1.2.7)
    faraday (0.17.0)
      multipart-post (>= 1.2, < 3)
    fugit (1.3.3)
      et-orbi (~> 1.1, >= 1.1.8)
      raabro (~> 1.1)
    google-api-client (0.33.1)
      addressable (~> 2.5, >= 2.5.1)
      googleauth (~> 0.9)
      httpclient (>= 2.8.1, < 3.0)
      mini_mime (~> 1.0)
      representable (~> 3.0)
      retriable (>= 2.0, < 4.0)
      signet (~> 0.12)
    google-cloud-core (1.3.2)
      google-cloud-env (~> 1.0)
    google-cloud-env (1.2.1)
      faraday (~> 0.11)
    google-cloud-storage (1.21.1)
      addressable (~> 2.5)
      digest-crc (~> 0.4)
      google-api-client (~> 0.26)
      google-cloud-core (~> 1.2)
      googleauth (>= 0.6.2, < 0.10.0)
      mini_mime (~> 1.0)
    googleauth (0.9.0)
      faraday (~> 0.12)
      jwt (>= 1.4, < 3.0)
      memoist (~> 0.16)
      multi_json (~> 1.11)
      os (>= 0.9, < 2.0)
      signet (~> 0.7)
    httpclient (2.8.3)
    json (2.2.0)
    jwt (2.2.1)
    memoist (0.16.0)
    mini_mime (1.0.2)
    multi_json (1.14.1)
    multipart-post (2.1.1)
    mustermann (1.0.3)
    os (1.0.1)
    public_suffix (4.0.1)
    raabro (1.1.6)
    rack (2.0.8)
    rack-protection (2.0.7)
      rack
    representable (3.0.4)
      declarative (< 0.1.0)
      declarative-option (< 0.2.0)
      uber (< 0.2.0)
    retriable (3.1.2)
    rufus-scheduler (3.6.0)
      fugit (~> 1.1, >= 1.1.6)
    signet (0.12.0)
      addressable (~> 2.3)
      faraday (~> 0.9)
      jwt (>= 1.5, < 3.0)
      multi_json (~> 1.10)
    sinatra (2.0.7)
      mustermann (~> 1.0)
      rack (~> 2.0)
      rack-protection (= 2.0.7)
      tilt (~> 2.0)
    thin (1.7.2)
      daemons (~> 1.0, >= 1.0.9)
      eventmachine (~> 1.0, >= 1.0.4)
      rack (>= 1, < 3)
    tilt (2.0.10)
    tzinfo (2.0.0)
      concurrent-ruby (~> 1.0)
    uber (0.1.0)

PLATFORMS
  ruby

DEPENDENCIES
  google-cloud-storage
  json
  jwt
  rufus-scheduler (~> 3.6)
  sinatra
  thin

BUNDLED WITH
   2.0.2
